PATH
  remote: .
  specs:
    cf-ruby-sdk (0.1.0)
      json (~> 2.0)

GEM
  remote: https://rubygems.org/
  specs:
    addressable (2.8.7)
      public_suffix (>= 2.0.2, < 7.0)
    ansi (1.5.0)
    bigdecimal (3.2.2)
    builder (3.3.0)
    crack (1.0.0)
      bigdecimal
      rexml
    hashdiff (1.2.0)
    json (2.12.2)
    minitest (5.25.5)
    minitest-reporters (1.7.1)
      ansi
      builder
      minitest (>= 5.0)
      ruby-progressbar
    public_suffix (6.0.2)
    rake (13.3.0)
    rexml (3.4.1)
    ruby-progressbar (1.13.0)
    webmock (3.25.1)
      addressable (>= 2.8.0)
      crack (>= 0.3.2)
      hashdiff (>= 0.4.0, < 2.0.0)

PLATFORMS
  arm64-darwin-24
  ruby

DEPENDENCIES
  bundler (~> 2.0)
  cf-ruby-sdk!
  minitest (~> 5.0)
  minitest-reporters (~> 1.0)
  rake (~> 13.0)
  webmock (~> 3.0)

BUNDLED WITH
   2.6.5
